GEM
  remote: http://rubygems.org/
  specs:
    jslintrb_v8 (1.0.1)
      therubyracer (= 0.8.0)
    rake (0.8.7)
    therubyracer (0.8.0)
    watchr (0.7)

PLATFORMS
  ruby

DEPENDENCIES
  jslintrb_v8
  rake
  watchr
